GEM
  remote: https://rubygems.org/
  specs:
    gosu (1.4.5)

PLATFORMS
  ruby

DEPENDENCIES
  gosu (= 1.4.5)

RUBY VERSION
   ruby 2.7.0p0

BUNDLED WITH
   2.1.2
